GEM
  remote: https://rubygems.org/
  specs:
    addressable (2.3.5)
    args_parser (0.2.0)
    cookiejar (0.3.0)
    em-cometio-client (0.1.1)
      em-http-request
      event_emitter (>= 0.2.0)
      eventmachine
      json
    em-http-request (1.1.1)
      addressable (>= 2.3.4)
      cookiejar
      em-socksify (>= 0.3)
      eventmachine (>= 1.0.3)
      http_parser.rb (>= 0.6.0.beta.2)
    em-rocketio-client (0.1.2)
      em-cometio-client
      em-http-request
      em-websocketio-client
      event_emitter
      eventmachine
    em-rocketio-linda-client (1.0.0)
      em-rocketio-client
      event_emitter
      eventmachine
      hashie
    em-socksify (0.3.0)
      eventmachine (>= 1.0.0.beta.4)
    em-websocket-client (0.1.2)
      eventmachine
      websocket
    em-websocketio-client (0.0.4)
      em-websocket-client (= 0.1.2)
      event_emitter
      eventmachine
      json
    event_emitter (0.2.5)
    eventmachine (1.0.3)
    hashie (2.0.5)
    http_parser.rb (0.6.0.beta.2)
    httparty (0.12.0)
      json (~> 1.8)
      multi_xml (>= 0.5.2)
    json (1.8.1)
    multi_xml (0.5.5)
    websocket (1.1.1)

PLATFORMS
  ruby

DEPENDENCIES
  args_parser
  em-rocketio-linda-client
  hashie
  httparty
  json
